GEM
  remote: https://rubygems.org/
  specs:
    metaclass (0.0.4)
    minitest (5.8.4)
    mocha (1.1.0)
      metaclass (~> 0.0.1)
    rack (1.6.4)
    rack-test (0.6.3)
      rack (>= 1.0)
    rake (11.1.1)

PLATFORMS
  ruby

DEPENDENCIES
  minitest
  mocha
  rack
  rack-test
  rake

BUNDLED WITH
   1.11.2
